PATH
  remote: .
  specs:
    keysms (0.0.1)
      json
      patron

GEM
  remote: http://rubygems.org/
  specs:
    json (1.6.1)
    patron (0.4.16)

PLATFORMS
  ruby

DEPENDENCIES
  keysms!
